GEM
  remote: https://rubygems.org/
  specs:
    addressable (2.3.8)
    backports (3.11.3)
    bcrypt (3.1.12)
    bcrypt-ruby (3.1.5)
      bcrypt (>= 3.1.3)
    data_mapper (1.2.0)
      dm-aggregates (~> 1.2.0)
      dm-constraints (~> 1.2.0)
      dm-core (~> 1.2.0)
      dm-migrations (~> 1.2.0)
      dm-serializer (~> 1.2.0)
      dm-timestamps (~> 1.2.0)
      dm-transactions (~> 1.2.0)
      dm-types (~> 1.2.0)
      dm-validations (~> 1.2.0)
    data_objects (0.10.17)
      addressable (~> 2.1)
    daybreak (0.3.0)
    dm-aggregates (1.2.0)
      dm-core (~> 1.2.0)
    dm-constraints (1.2.0)
      dm-core (~> 1.2.0)
    dm-core (1.2.1)
      addressable (~> 2.3)
    dm-do-adapter (1.2.0)
      data_objects (~> 0.10.6)
      dm-core (~> 1.2.0)
    dm-migrations (1.2.0)
      dm-core (~> 1.2.0)
    dm-serializer (1.2.2)
      dm-core (~> 1.2.0)
      fastercsv (~> 1.5)
      json (~> 1.6)
      json_pure (~> 1.6)
      multi_json (~> 1.0)
    dm-sqlite-adapter (1.2.0)
      dm-do-adapter (~> 1.2.0)
      do_sqlite3 (~> 0.10.6)
    dm-timestamps (1.2.0)
      dm-core (~> 1.2.0)
    dm-transactions (1.2.0)
      dm-core (~> 1.2.0)
    dm-types (1.2.2)
      bcrypt-ruby (~> 3.0)
      dm-core (~> 1.2.0)
      fastercsv (~> 1.5)
      json (~> 1.6)
      multi_json (~> 1.0)
      stringex (~> 1.4)
      uuidtools (~> 2.1)
    dm-validations (1.2.0)
      dm-core (~> 1.2.0)
    do_sqlite3 (0.10.17)
      data_objects (= 0.10.17)
    fastercsv (1.5.5)
    histogram (0.2.4.1)
    json (1.8.6)
    json_pure (1.8.6)
    multi_json (1.13.1)
    rack (1.6.12)
    rack-protection (1.5.5)
      rack
    rack-test (0.5.0)
    racksh (1.0.0)
      rack (>= 1.0)
      rack-test (>= 0.5)
    ruby-ole (1.2.12.1)
    ruby-progressbar (1.5.1)
    sass (3.4.3)
    shotgun (0.9)
      rack (>= 1.0)
    sinatra (1.4.5)
      rack (~> 1.4)
      rack-protection (~> 1.4)
      tilt (~> 1.3, >= 1.3.4)
    sinatra-contrib (1.4.2)
      backports (>= 2.0)
      multi_json
      rack-protection
      rack-test
      sinatra (~> 1.4.0)
      tilt (~> 1.3)
    sinatra-flash (0.3.0)
      sinatra (>= 1.0.0)
    slim (2.0.3)
      temple (~> 0.6.6)
      tilt (>= 1.3.3, < 2.1)
    spreadsheet (1.0.0)
      ruby-ole (>= 1.0)
    sqlite3 (1.3.9)
    stringex (1.5.1)
    temple (0.6.10)
    tilt (1.4.1)
    uuidtools (2.1.5)
    warden (1.2.3)
      rack (>= 1.0)

PLATFORMS
  ruby

DEPENDENCIES
  addressable (= 2.3.8)
  data_mapper (= 1.2.0)
  daybreak (= 0.3.0)
  dm-sqlite-adapter (= 1.2.0)
  histogram (= 0.2.4.1)
  rack (= 1.6.12)
  rack-test (= 0.5)
  racksh (= 1.0.0)
  ruby-progressbar (= 1.5.1)
  sass (= 3.4.3)
  shotgun (= 0.9)
  sinatra (= 1.4.5)
  sinatra-contrib (= 1.4.2)
  sinatra-flash (= 0.3.0)
  slim (= 2.0.3)
  spreadsheet (= 1.0.0)
  sqlite3 (= 1.3.9)
  warden (= 1.2.3)

RUBY VERSION
   ruby 2.0.0p648

BUNDLED WITH
   1.16.3
